PATH
  remote: .
  specs:
    brakeman (4.7.2)
      erubis (~> 2.6)
      haml (~> 5.1)
      highline (~> 2.0)
      ruby2ruby (~> 2.4.0)
      ruby_parser (~> 3.13)
      ruby_parser-legacy (~> 1.0)
      safe_yaml (>= 1.0)
      sexp_processor (~> 4.7)
      slim (>= 1.3.6, <= 4.0.1)
      terminal-table (~> 1.4)

GEM
  remote: https://rubygems.org/
  specs:
    docile (1.3.2)
    erubis (2.7.0)
    haml (5.1.2)
      temple (>= 0.8.0)
      tilt
    highline (2.0.3)
    minitest (5.14.0)
    minitest-ci (3.4.0)
      minitest (>= 5.0.6)
    rake (13.0.1)
    ruby2ruby (2.4.4)
      ruby_parser (~> 3.1)
      sexp_processor (~> 4.6)
    ruby_parser (3.14.2)
      sexp_processor (~> 4.9)
    ruby_parser-legacy (1.0.0)
      ruby_parser (~> 3.13)
    safe_yaml (1.0.5)
    sexp_processor (4.14.1)
    simplecov (0.18.5)
      docile (~> 1.1)
      simplecov-html (~> 0.11)
    simplecov-html (0.12.2)
    slim (4.0.1)
      temple (>= 0.7.6, < 0.9)
      tilt (>= 2.0.6, < 2.1)
    temple (0.8.2)
    terminal-table (1.8.0)
      unicode-display_width (~> 1.1, >= 1.1.1)
    tilt (2.0.10)
    unicode-display_width (1.6.1)

PLATFORMS
  ruby

DEPENDENCIES
  brakeman!
  minitest
  minitest-ci
  rake
  simplecov

BUNDLED WITH
   2.0.2
